GIT
  remote: git://github.com/romul/spree-enhanced-option-types.git
  revision: d451c5ba137e0fd880c55009767aad3f2321fcb0
  specs:
    spree_enhanced_option_types (0.30.0)
      spree_core (>= 0.30.2)

GIT
  remote: git://github.com/romul/spree-yandex-market.git
  revision: f18671a0d1cce198ddfc348b47b6935095db466f
  specs:
    spree_yandex_market (1.1.1)
      nokogiri (~> 1.4.0)
      spree_core (>= 0.40.99)

GIT
  remote: git://github.com/romul/spree_address_book.git
  revision: 6f5d728a69406d0f79402cb25d0a028bee173961
  specs:
    spree_address_book (0.40.0)
      spree_auth (>= 0.40.0)
      spree_core (>= 0.40.0)

GIT
  remote: git://github.com/romul/spree_editor.git
  revision: 614d2b9d4913f228b3e8d1a3a411f284428c50b1
  specs:
    spree_editor (0.40.0)
      spree_core (>= 0.40.0)

GIT
  remote: git://github.com/romul/spree_robokassa.git
  revision: ac07e6fc083361b8d356b562fb871c2a8c939d99
  specs:
    spree_robokassa (1.0.0)
      spree_core (>= 0.30.1)

GIT
  remote: git://github.com/secoint/spree_online_support.git
  revision: fa16509524d880a8f88ea96ca1a45cbddd21111f
  specs:
    spree_online_support (1.0.0)
      spree_core (>= 0.40.3)

GIT
  remote: git://github.com/secoint/synergy.git
  revision: d95dc2169a41f5975d0b8bd599778b9c3a8852f7
  specs:
    synergy (0.50.0.rc0)
      json
      russian
      spree (>= 0.40.99)
      spree_address_book
      spree_editor
      spree_enhanced_option_types (>= 0.30.0)
      spree_i18n
      spree_online_support
      spree_robokassa
      spree_static_content (>= 0.40.0)
      spree_yandex_market

GIT
  remote: git://github.com/spree/spree.git
  revision: a46e9a914a8bdf66527b3c8b17ae2dab20b2379c
  branch: 0-50-stable
  specs:
    spree (0.50.99)
      spree_api (= 0.50.99)
      spree_auth (= 0.50.99)
      spree_core (= 0.50.99)
      spree_dash (= 0.50.99)
      spree_promo (= 0.50.99)
      spree_sample (= 0.50.99)
    spree_api (0.50.99)
      spree_core (= 0.50.99)
    spree_auth (0.50.99)
      cancan (= 1.5.1)
      devise (= 1.2.rc2)
      spree_core (= 0.50.99)
    spree_core (0.50.99)
      activemerchant (= 1.12.0)
      acts_as_list (= 0.1.2)
      faker (= 0.9.5)
      highline (= 1.5.1)
      jquery-rails (= 0.2.6)
      meta_search (= 1.0.1)
      nested_set (= 1.6.4)
      paperclip (= 2.3.8)
      rails (= 3.0.5)
      rd_resource_controller
      rd_unobtrusive_date_picker (= 0.1.0)
      state_machine (= 0.9.4)
      stringex (= 1.0.3)
      will_paginate (= 3.0.pre2)
    spree_dash (0.50.99)
      spree_core (= 0.50.99)
    spree_promo (0.50.99)
      spree_core (= 0.50.99)
    spree_sample (0.50.99)
      spree_core (= 0.50.99)

GIT
  remote: git://github.com/spree/spree_i18n.git
  revision: e30eb5c343e92f1156381b1affa3e29a09558a9b
  specs:
    spree_i18n (1.0.0)
      spree_core (>= 0.30.0)

GIT
  remote: git://github.com/spree/spree_static_content.git
  revision: 83c00ada55339fde59ca06b133f3b6494afcefb4
  specs:
    spree_static_content (0.40.1)
      spree_core (>= 0.30.0)
      spree_editor

GEM
  remote: http://rubygems.org/
  specs:
    abstract (1.0.0)
    actionmailer (3.0.5)
      actionpack (= 3.0.5)
      mail (~> 2.2.15)
    actionpack (3.0.5)
      activemodel (= 3.0.5)
      activesupport (= 3.0.5)
      builder (~> 2.1.2)
      erubis (~> 2.6.6)
      i18n (~> 0.4)
      rack (~> 1.2.1)
      rack-mount (~> 0.6.13)
      rack-test (~> 0.5.7)
      tzinfo (~> 0.3.23)
    activemerchant (1.12.0)
      activesupport (>= 2.3.8)
      braintree (>= 2.0.0)
      builder (>= 2.0.0)
    activemodel (3.0.5)
      activesupport (= 3.0.5)
      builder (~> 2.1.2)
      i18n (~> 0.4)
    activerecord (3.0.5)
      activemodel (= 3.0.5)
      activesupport (= 3.0.5)
      arel (~> 2.0.2)
      tzinfo (~> 0.3.23)
    activeresource (3.0.5)
      activemodel (= 3.0.5)
      activesupport (= 3.0.5)
    activesupport (3.0.5)
    acts_as_list (0.1.2)
    arel (2.0.9)
    bcrypt-ruby (2.1.4)
    braintree (2.8.0)
      builder
    builder (2.1.2)
    cancan (1.5.1)
    devise (1.2.rc2)
      bcrypt-ruby (~> 2.1.2)
      orm_adapter (~> 0.0.3)
      warden (~> 1.0.3)
    erubis (2.6.6)
      abstract (>= 1.0.0)
    faker (0.9.5)
      i18n (~> 0.4)
    highline (1.5.1)
    i18n (0.5.0)
    jquery-rails (0.2.6)
      rails (~> 3.0)
      thor (~> 0.14.4)
    json (1.5.1)
    mail (2.2.15)
      activesupport (>= 2.3.6)
      i18n (>= 0.4.0)
      mime-types (~> 1.16)
      treetop (~> 1.4.8)
    meta_search (1.0.1)
      actionpack (~> 3.0.2)
      activerecord (~> 3.0.2)
      activesupport (~> 3.0.2)
      arel (~> 2.0.2)
    mime-types (1.16)
    nested_set (1.6.4)
      activerecord (>= 3.0.0)
      railties (>= 3.0.0)
    nokogiri (1.4.4)
    orm_adapter (0.0.4)
    paperclip (2.3.8)
      activerecord
      activesupport
    polyglot (0.3.1)
    rack (1.2.2)
    rack-mount (0.6.13)
      rack (>= 1.0.0)
    rack-test (0.5.7)
      rack (>= 1.0)
    rails (3.0.5)
      actionmailer (= 3.0.5)
      actionpack (= 3.0.5)
      activerecord (= 3.0.5)
      activeresource (= 3.0.5)
      activesupport (= 3.0.5)
      bundler (~> 1.0)
      railties (= 3.0.5)
    railties (3.0.5)
      actionpack (= 3.0.5)
      activesupport (= 3.0.5)
      rake (>= 0.8.7)
      thor (~> 0.14.4)
    rake (0.8.7)
    rd_resource_controller (1.0.1)
    rd_unobtrusive_date_picker (0.1.0)
    russian (0.2.7)
    sqlite3 (1.3.3)
    state_machine (0.9.4)
    stringex (1.0.3)
    thor (0.14.6)
    treetop (1.4.9)
      polyglot (>= 0.3.1)
    tzinfo (0.3.25)
    warden (1.0.3)
      rack (>= 1.0.0)
    will_paginate (3.0.pre2)

PLATFORMS
  ruby

DEPENDENCIES
  rails (= 3.0.5)
  spree!
  spree_address_book!
  spree_editor!
  spree_enhanced_option_types!
  spree_i18n!
  spree_online_support!
  spree_robokassa!
  spree_static_content!
  spree_yandex_market!
  sqlite3
  synergy!
